PATH
  remote: .
  specs:
    cane (2.6.2)
      parallel

GEM
  remote: http://rubygems.org/
  specs:
    parallel (1.0.0)
    xspec (0.0.2)

PLATFORMS
  ruby

DEPENDENCIES
  cane!
  xspec (~> 0.0.2)
